GEM
  remote: https://rubygems.org/
  specs:
    addressable (2.6.0)
      public_suffix (>= 2.0.2, < 4.0)
    ast (2.4.0)
    facter (2.5.1)
    fast_gettext (1.1.2)
    hiera (3.5.0)
    hocon (1.2.5)
    httpclient (2.8.3)
    jaro_winkler (1.5.2)
    json-schema (2.8.1)
      addressable (>= 2.4)
    locale (2.1.2)
    metadata-json-lint (2.2.0)
      json-schema (~> 2.8)
      spdx-licenses (~> 1.0)
    multi_json (1.13.1)
    parallel (1.16.0)
    parser (2.6.2.0)
      ast (~> 2.4.0)
    psych (3.1.0)
    public_suffix (3.0.3)
    puppet (6.4.0)
      facter (> 2.0.1, < 4)
      fast_gettext (~> 1.1.2)
      hiera (>= 3.2.1, < 4)
      httpclient (~> 2.8)
      locale (~> 2.1)
      multi_json (~> 1.10)
      puppet-resource_api (~> 1.5)
      semantic_puppet (~> 1.0)
    puppet-lint (2.3.6)
    puppet-resource_api (1.8.1)
      hocon (>= 1.0)
    puppet-syntax (2.4.3)
      rake
    rainbow (3.0.0)
    rake (12.3.2)
    rubocop (0.66.0)
      jaro_winkler (~> 1.5.1)
      parallel (~> 1.10)
      parser (>= 2.5, != 2.5.1.1)
      psych (>= 3.1.0)
      rainbow (>= 2.2.2, < 4.0)
      ruby-progressbar (~> 1.7)
      unicode-display_width (>= 1.4.0, < 1.6)
    ruby-progressbar (1.10.0)
    semantic_puppet (1.0.2)
    spdx-licenses (1.2.0)
    unicode-display_width (1.5.0)

PLATFORMS
  ruby

DEPENDENCIES
  metadata-json-lint!
  puppet!
  puppet-lint!
  puppet-syntax!
  rubocop!

BUNDLED WITH
   1.17.3
